GEM
  remote: https://rubygems.org/
  specs:
    colorize (0.8.1)
    sqlite3 (1.3.13)

PLATFORMS
  ruby

DEPENDENCIES
  colorize
  sqlite3

BUNDLED WITH
   1.14.6
